GEM
  remote: https://rubygems.org/
  specs:
    concurrent-ruby (1.2.2)
    faker (3.2.0)
      i18n (>= 1.8.11, < 2)
    i18n (1.14.1)
      concurrent-ruby (~> 1.0)
    minitest (5.19.0)
    ruby2d (0.12.1)

PLATFORMS
  x86_64-linux

DEPENDENCIES
  faker (~> 3.2)
  minitest (~> 5.10)
  ruby2d (~> 0.12.1)

BUNDLED WITH
   2.4.16
